GIT
  remote: git://github.com/capistrano/capistrano-maintenance.git
  revision: 1b46e54de753b6d568ffac00a670dceb83b61bad
  specs:
    capistrano-maintenance (0.0.1)
      capistrano (>= 3.0)

GEM
  remote: http://rubygems.org/
  specs:
    capistrano (3.1.0)
      i18n
      rake (>= 10.0.0)
      sshkit (~> 1.3)
    capistrano-bundler (1.1.2)
      capistrano (~> 3.0)
      sshkit (~> 1.2)
    capistrano-rails (1.1.1)
      capistrano (~> 3.1)
      capistrano-bundler (~> 1.1)
    capistrano-rvm (0.1.1)
      capistrano (~> 3.0)
      sshkit (~> 1.2)
    i18n (0.6.9)
    net-scp (1.1.2)
      net-ssh (>= 2.6.5)
    net-ssh (2.8.0)
    rake (10.2.2)
    sshkit (1.3.0)
      net-scp (>= 1.1.2)
      net-ssh
      term-ansicolor
    term-ansicolor (1.3.0)
      tins (~> 1.0)
    tins (1.1.0)

PLATFORMS
  ruby

DEPENDENCIES
  capistrano-maintenance!
  capistrano-rails (~> 1.1)
  capistrano-rvm (~> 0.1)
